GEM
  remote: https://rubygems.org/
  specs:
    byebug (11.1.3)
    concurrent-ruby (1.3.4)
    gli (2.22.0)
    i18n (1.14.6)
      concurrent-ruby (~> 1.0)
    kramdown (2.4.0)
      rexml
    pastel (0.8.0)
      tty-color (~> 0.5)
    rake (13.2.1)
    rexml (3.3.9)
    rouge (4.4.0)
    sf_cli (1.2.4)
    sobjectmodel (0.1.3)
    strings (0.2.1)
      strings-ansi (~> 0.2)
      unicode-display_width (>= 1.5, < 3.0)
      unicode_utils (~> 1.4)
    strings-ansi (0.2.0)
    tty-color (0.6.0)
    tty-markdown (0.7.2)
      kramdown (>= 1.16.2, < 3.0)
      pastel (~> 0.8)
      rouge (>= 3.14, < 5.0)
      strings (~> 0.2.0)
      tty-color (~> 0.5)
      tty-screen (~> 0.8)
    tty-screen (0.8.2)
    tty-table (0.12.0)
      pastel (~> 0.8)
      strings (~> 0.2.0)
      tty-screen (~> 0.8)
    unicode-display_width (2.6.0)
    unicode_utils (1.4.0)

PLATFORMS
  ruby
  x86_64-linux

DEPENDENCIES
  byebug
  gli (~> 2.22.0)
  i18n (~> 1.14.6)
  pastel (~> 0.8.0)
  rake
  sf_cli (~> 1.2.4)
  sobjectmodel (~> 0.1.3)
  tty-markdown (~> 0.7.2)
  tty-table (~> 0.12.0)

BUNDLED WITH
   2.5.11
