GEM
  remote: https://rubygems.org/
  specs:
    byebug (11.1.3)
    gli (2.21.5)
    rake (13.2.1)
    sf_cli (1.2.2)
    yamori (0.1.0)

PLATFORMS
  ruby
  x86_64-linux

DEPENDENCIES
  byebug
  gli
  rake
  sf_cli
  yamori

BUNDLED WITH
   2.5.11
